GEM
  remote: http://rubygems.org/
  specs:
    bubble-wrap (1.0.0)
    rake (10.0.3)

PLATFORMS
  ruby

DEPENDENCIES
  bubble-wrap (~> 1.0.0)
  rake
